GEM
  remote: https://rubygems.org/
  specs:
    activesupport (4.0.2)
      i18n (~> 0.6, >= 0.6.4)
      minitest (~> 4.2)
      multi_json (~> 1.3)
      thread_safe (~> 0.1)
      tzinfo (~> 0.3.37)
    atomic (1.1.14)
    colorize (0.6.0)
    curb (0.8.5)
    dotenv (0.9.0)
    i18n (0.6.9)
    minitest (4.7.5)
    multi_json (1.8.4)
    thread_safe (0.1.3)
      atomic
    tzinfo (0.3.38)
    ultron (0.1.7)
      activesupport (~> 4.0)
      curb (~> 0.8)
      dotenv (~> 0.9)

PLATFORMS
  ruby

DEPENDENCIES
  colorize
  ultron
