GEM
  remote: https://rubygems.org/
  specs:
    curb (0.8.5)
    dotenv (0.9.0)

PLATFORMS
  ruby

DEPENDENCIES
  curb
  dotenv
