GEM
  remote: https://rubygems.org/
  specs:
    badgerbadgerbadger (0.8.2)
      git (~> 1.2)
      thor (~> 0.18)
    curb (0.8.5)
    dotenv (0.9.0)
    git (1.2.6)
    thor (0.18.1)

PLATFORMS
  ruby

DEPENDENCIES
  badgerbadgerbadger
  curb
  dotenv
